GEM
  remote: https://rubygems.org/
  specs:
    backports (3.17.0)
    multi_json (1.7.7)
    rack (1.6.13)
    rack-protection (1.5.5)
      rack
    rack-test (1.1.0)
      rack (>= 1.0, < 3)
    shotgun (0.9)
      rack (>= 1.0)
    sinatra (1.4.3)
      rack (~> 1.4)
      rack-protection (~> 1.4)
      tilt (~> 1.3, >= 1.3.4)
    sinatra-contrib (1.4.7)
      backports (>= 2.0)
      multi_json
      rack-protection
      rack-test
      sinatra (~> 1.4.0)
      tilt (>= 1.3, < 3)
    tilt (1.4.1)

PLATFORMS
  ruby

DEPENDENCIES
  multi_json
  shotgun
  sinatra
  sinatra-contrib
